GEM
  remote: https://rubygems.org/
  specs:
    awesome_print (1.1.0)
    faraday (0.8.7)
      multipart-post (~> 1.1)
    multi_json (1.7.3)
    multipart-post (1.2.0)

PLATFORMS
  ruby

DEPENDENCIES
  awesome_print
  faraday (= 0.8.7)
  multi_json (= 1.7.3)
