GEM
  remote: https://rubygems.org/
  specs:
    awesome_print (1.2.0)
    faraday (0.8.8)
      multipart-post (~> 1.2.0)
    multi_json (1.8.2)
    multipart-post (1.2.0)

PLATFORMS
  ruby

DEPENDENCIES
  awesome_print (= 1.2.0)
  faraday (= 0.8.8)
  multi_json (= 1.8.2)
